GIT
  remote: git://github.com/Agiley/flickr.git
  revision: bae7338938cd2d5206817623cfe7b0d97db73594
  branch: master
  specs:
    agiley-flickr (1.0.14)
      xml-simple (>= 1.0.12)

GEM
  remote: http://rubygems.org/
  specs:
    actionmailer (2.3.8)
      actionpack (= 2.3.8)
    actionpack (2.3.8)
      activesupport (= 2.3.8)
      rack (~> 1.1.0)
    activerecord (2.3.8)
      activesupport (= 2.3.8)
    activeresource (2.3.8)
      activesupport (= 2.3.8)
    activesupport (2.3.8)
    configuration (1.1.0)
    heroku (1.11.0)
      json_pure (>= 1.2.0, < 1.5.0)
      launchy (~> 0.3.2)
      rest-client (>= 1.4.0, < 1.7.0)
    json_pure (1.4.6)
    launchy (0.3.7)
      configuration (>= 0.0.5)
      rake (>= 0.8.1)
    mime-types (1.16)
    rack (1.1.0)
    rails (2.3.8)
      actionmailer (= 2.3.8)
      actionpack (= 2.3.8)
      activerecord (= 2.3.8)
      activeresource (= 2.3.8)
      activesupport (= 2.3.8)
      rake (>= 0.8.3)
    rake (0.8.7)
    rest-client (1.6.1)
      mime-types (>= 1.16)
    rspec (1.3.1)
    rspec-rails (1.3.3)
      rack (>= 1.0.0)
      rspec (= 1.3.1)
    xml-simple (1.0.12)

PLATFORMS
  ruby

DEPENDENCIES
  agiley-flickr!
  heroku
  rails (= 2.3.8)
  rspec (= 1.3.1)
  rspec-rails (= 1.3.3)
